GEM
  remote: https://rubygems.org/
  specs:
    activemodel (5.2.3)
      activesupport (= 5.2.3)
    activesupport (5.2.3)
      concurrent-ruby (~> 1.0, >= 1.0.2)
      i18n (>= 0.7, < 2)
      minitest (~> 5.1)
      tzinfo (~> 1.1)
    awesome_print (1.8.0)
    bcrypt (3.1.13)
    bson (4.5.0)
    concurrent-ruby (1.1.5)
    diff-lcs (1.3)
    dotenv (2.7.5)
    faker (1.9.6)
      i18n (>= 0.7)
    haml (5.1.1)
      temple (>= 0.8.0)
      tilt
    i18n (0.9.5)
      concurrent-ruby (~> 1.0)
    mail (2.7.1)
      mini_mime (>= 0.1.1)
    mime-types (3.2.2)
      mime-types-data (~> 3.2015)
    mime-types-data (3.2019.0331)
    mini_mime (1.0.2)
    minitest (5.11.3)
    moneta (1.0.0)
    mongo (2.9.0)
      bson (>= 4.4.2, < 5.0.0)
    mongoid (7.0.4)
      activemodel (>= 5.1, < 6.0.0)
      mongo (>= 2.5.1, < 3.0.0)
    mustermann (1.0.3)
    padrino (0.14.4)
      padrino-admin (= 0.14.4)
      padrino-cache (= 0.14.4)
      padrino-core (= 0.14.4)
      padrino-gen (= 0.14.4)
      padrino-helpers (= 0.14.4)
      padrino-mailer (= 0.14.4)
      padrino-support (= 0.14.4)
    padrino-admin (0.14.4)
      padrino-core (= 0.14.4)
      padrino-helpers (= 0.14.4)
    padrino-cache (0.14.4)
      moneta (~> 1.0.0)
      padrino-core (= 0.14.4)
      padrino-helpers (= 0.14.4)
    padrino-core (0.14.4)
      padrino-support (= 0.14.4)
      sinatra (>= 2.0.0)
      thor (~> 0.18)
    padrino-gen (0.14.4)
      bundler (~> 1.0)
      padrino-core (= 0.14.4)
    padrino-helpers (0.14.4)
      i18n (~> 0.6, >= 0.6.7)
      padrino-support (= 0.14.4)
      tilt (>= 1.4.1, < 3)
    padrino-mailer (0.14.4)
      mail (~> 2.5)
      mime-types (< 4)
      padrino-core (= 0.14.4)
    padrino-support (0.14.4)
    rack (2.0.8)
    rack-protection (2.0.5)
      rack
    rack-test (1.1.0)
      rack (>= 1.0, < 3)
    rake (12.3.3)
    rspec (3.8.0)
      rspec-core (~> 3.8.0)
      rspec-expectations (~> 3.8.0)
      rspec-mocks (~> 3.8.0)
    rspec-core (3.8.2)
      rspec-support (~> 3.8.0)
    rspec-expectations (3.8.4)
      diff-lcs (>= 1.2.0, < 2.0)
      rspec-support (~> 3.8.0)
    rspec-mocks (3.8.1)
      diff-lcs (>= 1.2.0, < 2.0)
      rspec-support (~> 3.8.0)
    rspec-support (3.8.2)
    sinatra (2.0.5)
      mustermann (~> 1.0)
      rack (~> 2.0)
      rack-protection (= 2.0.5)
      tilt (~> 2.0)
    temple (0.8.1)
    thor (0.20.3)
    thread_safe (0.3.6)
    tilt (2.0.9)
    tzinfo (1.2.5)
      thread_safe (~> 0.1)

PLATFORMS
  ruby

DEPENDENCIES
  activesupport (>= 3.1)
  awesome_print (~> 1.8)
  bcrypt (~> 3.1, >= 3.1.12)
  dotenv (~> 2.7, >= 2.7.2)
  faker (~> 1.9, >= 1.9.3)
  haml (~> 5.1)
  mongoid (>= 3.0.0)
  padrino (= 0.14.4)
  rack-test
  rake
  rspec

RUBY VERSION
   ruby 2.5.1p57

BUNDLED WITH
   1.16.6
